PATH
  remote: .
  specs:
    naam (0.0.6)

GEM
  remote: https://rubygems.org/
  specs:
    coco (0.7.1)
    diff-lcs (1.2.4)
    rake (10.1.0)
    reek (1.3.2)
      ruby2ruby (~> 2.0.2)
      ruby_parser (~> 3.1.1)
      sexp_processor
    rspec (2.14.1)
      rspec-core (~> 2.14.0)
      rspec-expectations (~> 2.14.0)
      rspec-mocks (~> 2.14.0)
    rspec-core (2.14.4)
    rspec-expectations (2.14.0)
      diff-lcs (>= 1.1.3, < 2.0)
    rspec-mocks (2.14.2)
    ruby2ruby (2.0.6)
      ruby_parser (~> 3.1)
      sexp_processor (~> 4.0)
    ruby_parser (3.1.3)
      sexp_processor (~> 4.1)
    sexp_processor (4.2.1)
    tomparse (0.4.2)
    yard (0.8.7)
    yard-tomdoc (0.7.1)
      tomparse (>= 0.4.0)
      yard

PLATFORMS
  ruby

DEPENDENCIES
  coco (>= 0.7.1)
  naam!
  rake
  reek (>= 1.3.2)
  rspec
  yard
  yard-tomdoc
